GEM
  remote: https://rubygems.org/
  specs:
    bson (4.3.0)
    mongo (2.4.1)
      bson (>= 4.2.1, < 5.0.0)
    mustermann (1.0.2)
    rack (2.0.4)
    rack-protection (2.0.1)
      rack
    sinatra (2.0.1)
      mustermann (~> 1.0)
      rack (~> 2.0)
      rack-protection (= 2.0.1)
      tilt (~> 2.0)
    tilt (2.0.8)

PLATFORMS
  ruby

DEPENDENCIES
  mongo (= 2.4.1)
  sinatra

BUNDLED WITH
   1.16.1
